PATH
  remote: .
  specs:
    i18n-js (1.0.2)
      i18n

GEM
  remote: http://rubygems.org/
  specs:
    activesupport (3.0.5)
    archive-tar-minitar (0.5.2)
    columnize (0.3.2)
    diff-lcs (1.1.2)
    fakeweb (1.3.0)
    i18n (0.5.0)
    linecache19 (0.5.11)
      ruby_core_source (>= 0.1.4)
    notifier (0.1.2)
    rspec (2.5.0)
      rspec-core (~> 2.5.0)
      rspec-expectations (~> 2.5.0)
      rspec-mocks (~> 2.5.0)
    rspec-core (2.5.1)
    rspec-expectations (2.5.0)
      diff-lcs (~> 1.1.2)
    rspec-mocks (2.5.0)
    ruby-debug-base19 (0.11.24)
      columnize (>= 0.3.1)
      linecache19 (>= 0.5.11)
      ruby_core_source (>= 0.1.4)
    ruby-debug19 (0.11.6)
      columnize (>= 0.3.1)
      linecache19 (>= 0.5.11)
      ruby-debug-base19 (>= 0.11.19)
    ruby_core_source (0.1.4)
      archive-tar-minitar (>= 0.5.2)
    spec-js (0.1.0.beta.3)
      notifier

PLATFORMS
  ruby

DEPENDENCIES
  activesupport (~> 3.0.0)
  fakeweb
  i18n-js!
  rspec (~> 2.5.0)
  ruby-debug19
  spec-js (~> 0.1.0.beta.0)
